GEM
  remote: https://rubygems.org/
  specs:
    actionmailer (4.2.0.rc2)
      actionpack (= 4.2.0.rc2)
      actionview (= 4.2.0.rc2)
      activejob (= 4.2.0.rc2)
      mail (~> 2.5, >= 2.5.4)
      rails-dom-testing (~> 1.0, >= 1.0.5)
    actionpack (4.2.0.rc2)
      actionview (= 4.2.0.rc2)
      activesupport (= 4.2.0.rc2)
      rack (~> 1.6.0.beta2)
      rack-test (~> 0.6.2)
      rails-dom-testing (~> 1.0, >= 1.0.5)
      rails-html-sanitizer (~> 1.0, >= 1.0.1)
    actionview (4.2.0.rc2)
      activesupport (= 4.2.0.rc2)
      builder (~> 3.1)
      erubis (~> 2.7.0)
      rails-dom-testing (~> 1.0, >= 1.0.5)
      rails-html-sanitizer (~> 1.0, >= 1.0.1)
    activejob (4.2.0.rc2)
      activesupport (= 4.2.0.rc2)
      globalid (>= 0.3.0)
    activemodel (4.2.0.rc2)
      activesupport (= 4.2.0.rc2)
      builder (~> 3.1)
    activerecord (4.2.0.rc2)
      activemodel (= 4.2.0.rc2)
      activesupport (= 4.2.0.rc2)
      arel (~> 6.0)
    activesupport (4.2.0.rc2)
      i18n (>= 0.7.0.beta1, < 0.8)
      json (~> 1.7, >= 1.7.7)
      minitest (~> 5.1)
      thread_safe (~> 0.1)
      tzinfo (~> 1.1)
    addressable (2.3.6)
    airbrake (3.1.17)
      builder
      multi_json
    ansi_stream (0.0.3)
    arel (6.0.0)
    ast (2.0.0)
    astrolabe (1.3.0)
      parser (>= 2.2.0.pre.3, < 3.0)
    builder (3.2.2)
    byebug (3.5.1)
      columnize (~> 0.8)
      debugger-linecache (~> 1.2)
      slop (~> 3.6)
    capistrano (3.1.0)
      i18n
      rake (>= 10.0.0)
      sshkit (~> 1.3)
    capistrano-bundler (1.1.3)
      capistrano (~> 3.1)
      sshkit (~> 1.2)
    capistrano-rails (1.1.2)
      capistrano (~> 3.1)
      capistrano-bundler (~> 1.1)
    chronic (0.10.2)
    coderay (1.1.0)
    coffee-rails (4.1.0)
      coffee-script (>= 2.2.0)
      railties (>= 4.0.0, < 5.0)
    coffee-script (2.3.0)
      coffee-script-source
      execjs
    coffee-script-source (1.8.0)
    colorize (0.7.3)
    columnize (0.8.9)
    daemons (1.1.9)
    debugger-linecache (1.2.0)
    docile (1.1.5)
    dotenv (0.11.1)
      dotenv-deployment (~> 0.0.2)
    dotenv-deployment (0.0.2)
    em-hiredis (0.3.0)
      eventmachine (~> 1.0)
      hiredis (~> 0.5.0)
    erubis (2.7.0)
    eventmachine (1.0.3)
    excon (0.41.0)
    execjs (2.2.2)
    faker (1.4.3)
      i18n (~> 0.5)
    faraday (0.9.0)
      multipart-post (>= 1.2, < 3)
    foreman (0.75.0)
      dotenv (~> 0.11.1)
      thor (~> 0.19.1)
    globalid (0.3.0)
      activesupport (>= 4.1.0)
    hashie (3.3.1)
    heroku (3.16.2)
      heroku-api (~> 0.3.19)
      launchy (>= 0.3.2)
      multi_json (~> 1.10.1)
      netrc (~> 0.7.7)
      rest-client (= 1.6.7)
      rubyzip (= 0.9.9)
    heroku-api (0.3.20)
      excon (~> 0.38)
      multi_json (~> 1.8)
    hike (1.2.3)
    hiredis (0.5.2)
    i18n (0.7.0.beta1)
    jquery-rails (3.1.2)
      railties (>= 3.0, < 5.0)
      thor (>= 0.14, < 2.0)
    json (1.8.1)
    jwt (1.2.0)
    launchy (2.4.3)
      addressable (~> 2.3)
    loofah (2.0.1)
      nokogiri (>= 1.5.9)
    mail (2.6.3)
      mime-types (>= 1.16, < 3)
    metaclass (0.0.4)
    method_source (0.8.2)
    mime-types (2.4.3)
    mini_portile (0.6.1)
    minitest (5.4.3)
    mocha (1.1.0)
      metaclass (~> 0.0.1)
    mono_logger (1.1.0)
    multi_json (1.10.1)
    multi_xml (0.5.5)
    multipart-post (2.0.0)
    mysql2 (0.3.17)
    net-scp (1.2.1)
      net-ssh (>= 2.6.5)
    net-ssh (2.9.1)
    netrc (0.7.9)
    nokogiri (1.6.5)
      mini_portile (~> 0.6.0)
    oauth2 (1.0.0)
      faraday (>= 0.8, < 0.10)
      jwt (~> 1.0)
      multi_json (~> 1.3)
      multi_xml (~> 0.5)
      rack (~> 1.2)
    octokit (3.5.2)
      sawyer (~> 0.5.3)
    omniauth (1.2.2)
      hashie (>= 1.2, < 4)
      rack (~> 1.0)
    omniauth-github (1.1.2)
      omniauth (~> 1.0)
      omniauth-oauth2 (~> 1.1)
    omniauth-google-oauth2 (0.2.6)
      omniauth (> 1.0)
      omniauth-oauth2 (~> 1.1)
    omniauth-oauth2 (1.2.0)
      faraday (>= 0.8, < 0.10)
      multi_json (~> 1.3)
      oauth2 (~> 1.0)
      omniauth (~> 1.2)
    parser (2.2.0.pre.8)
      ast (>= 1.1, < 3.0)
      slop (~> 3.4, >= 3.4.5)
    powerpack (0.0.9)
    pry (0.10.1)
      coderay (~> 1.1.0)
      method_source (~> 0.8.1)
      slop (~> 3.4)
    pubsubstub (0.0.7)
      em-hiredis (~> 0.2)
      eventmachine (~> 1.0)
      redis (~> 3.0)
      sinatra (~> 1.4)
    quiet_assets (1.0.3)
      railties (>= 3.1, < 5.0)
    rack (1.6.0.beta2)
    rack-protection (1.5.3)
      rack
    rack-test (0.6.2)
      rack (>= 1.0)
    rails (4.2.0.rc2)
      actionmailer (= 4.2.0.rc2)
      actionpack (= 4.2.0.rc2)
      actionview (= 4.2.0.rc2)
      activejob (= 4.2.0.rc2)
      activemodel (= 4.2.0.rc2)
      activerecord (= 4.2.0.rc2)
      activesupport (= 4.2.0.rc2)
      bundler (>= 1.3.0, < 2.0)
      railties (= 4.2.0.rc2)
      sprockets-rails
    rails-deprecated_sanitizer (1.0.3)
      activesupport (>= 4.2.0.alpha)
    rails-dom-testing (1.0.5)
      activesupport (>= 4.2.0.beta, < 5.0)
      nokogiri (~> 1.6.0)
      rails-deprecated_sanitizer (>= 1.0.1)
    rails-html-sanitizer (1.0.1)
      loofah (~> 2.0)
    rails-timeago (2.11.1)
      actionpack (>= 3.1)
      activesupport (>= 3.1)
    railties (4.2.0.rc2)
      actionpack (= 4.2.0.rc2)
      activesupport (= 4.2.0.rc2)
      rake (>= 0.8.7)
      thor (>= 0.18.1, < 2.0)
    rainbow (2.0.0)
    rake (10.4.2)
    redis (3.1.0)
    redis-actionpack (4.0.0)
      actionpack (~> 4)
      redis-rack (~> 1.5.0)
      redis-store (~> 1.1.0)
    redis-activesupport (4.0.0)
      activesupport (~> 4)
      redis-store (~> 1.1.0)
    redis-namespace (1.5.1)
      redis (~> 3.0, >= 3.0.4)
    redis-rack (1.5.0)
      rack (~> 1.5)
      redis-store (~> 1.1.0)
    redis-rails (4.0.0)
      redis-actionpack (~> 4)
      redis-activesupport (~> 4)
      redis-store (~> 1.1.0)
    redis-store (1.1.4)
      redis (>= 2.2)
    responders (2.0.2)
      railties (>= 4.2.0.alpha, < 5)
    resque (1.26.pre.0)
      mono_logger (~> 1.0)
      multi_json (~> 1.0)
      redis-namespace (~> 1.2)
      sinatra (>= 0.9.2)
      vegas (~> 0.1.2)
    resque-workers-lock (2.0.0)
      resque
    rest-client (1.6.7)
      mime-types (>= 1.16)
    rubocop (0.27.1)
      astrolabe (~> 1.3)
      parser (>= 2.2.0.pre.7, < 3.0)
      powerpack (~> 0.0.6)
      rainbow (>= 1.99.1, < 3.0)
      ruby-progressbar (~> 1.4)
    ruby-progressbar (1.7.0)
    rubyzip (0.9.9)
    safe_yaml (1.0.4)
    sass (3.2.19)
    sass-rails (4.0.5)
      railties (>= 4.0.0, < 5.0)
      sass (~> 3.2.2)
      sprockets (~> 2.8, < 3.0)
      sprockets-rails (~> 2.0)
    sawyer (0.5.5)
      addressable (~> 2.3.5)
      faraday (~> 0.8, < 0.10)
    securecompare (1.0.0)
    simplecov (0.9.1)
      docile (~> 1.1.0)
      multi_json (~> 1.0)
      simplecov-html (~> 0.8.0)
    simplecov-html (0.8.0)
    sinatra (1.4.5)
      rack (~> 1.4)
      rack-protection (~> 1.4)
      tilt (~> 1.3, >= 1.3.4)
    slop (3.6.0)
    sprockets (2.12.3)
      hike (~> 1.2)
      multi_json (~> 1.0)
      rack (~> 1.0)
      tilt (~> 1.1, != 1.3.0)
    sprockets-rails (2.2.2)
      actionpack (>= 3.0)
      activesupport (>= 3.0)
      sprockets (>= 2.8, < 4.0)
    sshkit (1.5.1)
      colorize
      net-scp (>= 1.1.2)
      net-ssh (>= 2.8.0)
    state_machine (1.2.0)
    test_after_commit (0.4.0)
      activerecord (>= 3.2)
    thin (1.6.3)
      daemons (~> 1.0, >= 1.0.9)
      eventmachine (~> 1.0)
      rack (~> 1.0)
    thor (0.19.1)
    thread_safe (0.3.4)
    tilt (1.4.1)
    tzinfo (1.2.2)
      thread_safe (~> 0.1)
    uglifier (2.5.3)
      execjs (>= 0.3.0)
      json (>= 1.8.0)
    validate_url (1.0.0)
      activemodel (>= 3.0.0)
      addressable
    vegas (0.1.11)
      rack (>= 1.0.0)
    whenever (0.9.4)
      chronic (>= 0.6.3)

PLATFORMS
  ruby

DEPENDENCIES
  airbrake (~> 3.1.5)
  ansi_stream (~> 0.0.3)
  byebug
  capistrano (= 3.1.0)
  capistrano-bundler
  capistrano-rails
  coffee-rails
  faker
  faraday
  foreman (~> 0.74)
  heroku
  jquery-rails
  mocha
  mysql2
  octokit
  omniauth
  omniauth-github
  omniauth-google-oauth2
  pry
  pubsubstub (~> 0.0.7)
  quiet_assets
  rails (~> 4.2.0.rc2)
  rails-timeago (~> 2.0)
  redis-rails
  responders
  resque (= 1.26.pre.0)
  resque-workers-lock
  rubocop
  safe_yaml
  sass-rails
  securecompare (~> 1.0)
  simplecov
  sprockets
  state_machine
  test_after_commit
  thin
  uglifier
  validate_url
  whenever
